GEM
  remote: http://rubygems.org/
  specs:
    em-websocket (0.5.1)
      eventmachine (>= 0.12.9)
      http_parser.rb (~> 0.6.0)
    eventmachine (1.2.3)
    http_parser.rb (0.6.0)
    json (2.1.0)
    metaclass (0.0.4)
    minitest (5.10.2)
    mocha (1.2.1)
      metaclass (~> 0.0.1)
    rake (12.0.0)

PLATFORMS
  ruby

DEPENDENCIES
  em-websocket
  json
  minitest
  mocha
  rake

BUNDLED WITH
   2.2.24
